GEM
  remote: https://rubygems.org/
  specs:
    foreman (0.40.0)
      term-ansicolor (~> 1.0.7)
      thor (>= 0.13.6)
    haml (4.0.0)
      tilt
    json (1.7.7)
    rack (1.5.2)
    rack-protection (1.3.2)
      rack
    rake (0.9.2.2)
    resin (0.4.0)
      haml
      json
      sinatra
      thor
    sinatra (1.3.4)
      rack (~> 1.4)
      rack-protection (~> 1.3)
      tilt (~> 1.3, >= 1.3.3)
    term-ansicolor (1.0.7)
    thor (0.14.6)
    tilt (1.3.3)

PLATFORMS
  ruby

DEPENDENCIES
  foreman
  rake
  resin (~> 0.4.0)
